RESTRICTION: == net461
NUGET
  remote: https://www.nuget.org/api/v2
    FAKE (4.64.6)
    FSharp.Management (0.4.5)
    Mono.Cecil (0.9.6.4)

GROUP Docs
RESTRICTION: == net461
NUGET
  remote: https://www.nuget.org/api/v2
    DotLiquid (2.0.254)
    FSharp.Compiler.Service (2.0.0.6)
    FSharp.Core (4.3.4)
    FSharp.Formatting (2.14.2)
      FSharp.Compiler.Service (2.0.0.6)
      FSharpVSPowerTools.Core (>= 2.3 < 2.4)
    FSharpVSPowerTools.Core (2.3)
      FSharp.Compiler.Service (>= 2.0.0.3)
    Suave (2.2.1)
      FSharp.Core (>= 4.0.0.1)

GROUP Test
RESTRICTION: == net461
NUGET
  remote: https://www.nuget.org/api/v2
    Argu (5.0.1) - redirects: force
      FSharp.Core (>= 4.0.0.1)
    Expecto (5.1.2) - redirects: force
      Argu (>= 3.7)
      FSharp.Core (>= 4.1.18)
      Mono.Cecil (>= 0.10.0-beta7)
      System.ValueTuple (>= 4.4)
    FSharp.Core (4.3.4) - redirects: force
    IKVM (8.1.5717)
    Mono.Cecil (0.10.0-beta7) - redirects: force
    System.ValueTuple (4.4) - redirects: force
