NUGET
  remote: https://nuget.org/api/v2
  specs:
    FAKE (3.31.4)
    FSharp.Compiler.Service (0.0.89)
    FSharp.Formatting (2.9.6)
      FSharp.Compiler.Service (>= 0.0.87)
      FSharpVSPowerTools.Core (1.8.0)
    FSharp.Management (0.2.0)
    FSharpVSPowerTools.Core (1.8.0)
      FSharp.Compiler.Service (>= 0.0.87)
    FsUnit (1.3.0.1)
      NUnit (>= 2.6.3)
    IKVM (8.0.5449.1)
    NuGet.CommandLine (2.8.5)
    NUnit (2.6.3)
    NUnit.Runners (2.6.3)
HTTP
  remote: http://www.frijters.net
  specs:
    ikvmbin-8.0.5449.1.zip (/ikvmbin-8.0.5449.1.zip)
  remote: http://nlp.stanford.edu
  specs:
    stanford-corenlp-full-2015-04-20.zip (/software/stanford-corenlp-full-2015-04-20.zip)
    stanford-ner-2015-04-20.zip (/software/stanford-ner-2015-04-20.zip)
    stanford-parser-full-2015-04-20.zip (/software/stanford-parser-full-2015-04-20.zip)
    stanford-postagger-full-2015-04-20.zip (/software/stanford-postagger-full-2015-04-20.zip)
    stanford-segmenter-2015-04-20.zip (/software/stanford-segmenter-2015-04-20.zip)