NUGET
  remote: https://nuget.org/api/v2
  specs:
    FAKE (4.5.3)
    FSharp.Compiler.Service (0.0.90)
    FSharp.Formatting (2.11.0)
      FSharp.Compiler.Service (>= 0.0.90 <= 1.3)
      FSharpVSPowerTools.Core (1.9.0)
    FSharp.Management (0.3.0)
    FSharpVSPowerTools.Core (1.9.0)
      FSharp.Compiler.Service (>= 0.0.90)
    FsUnit (1.3.0.1)
      NUnit (>= 2.6.3)
    IKVM (8.1.5717)
    NuGet.CommandLine (2.8.6)
    NUnit (2.6.3)
    NUnit.Runners (2.6.3)
HTTP
  remote: http://www.frijters.net
  specs:
    ikvmbin-8.1.5717.0.zip (/ikvmbin-8.1.5717.0.zip)
  remote: http://nlp.stanford.edu
  specs:
    stanford-corenlp-full-2015-12-09.zip (/software/stanford-corenlp-full-2015-12-09.zip)
    stanford-ner-2015-12-09.zip (/software/stanford-ner-2015-12-09.zip)
    stanford-parser-full-2015-12-09.zip (/software/stanford-parser-full-2015-12-09.zip)
    stanford-postagger-full-2015-12-09.zip (/software/stanford-postagger-full-2015-12-09.zip)
    stanford-segmenter-2015-12-09.zip (/software/stanford-segmenter-2015-12-09.zip)