NUGET
  remote: https://www.nuget.org/api/v2
    FAKE (4.43)
    FSharp.Compiler.Service (2.0.0.6)
    FSharp.Formatting (2.14.4)
      FSharp.Compiler.Service (2.0.0.6)
      FSharpVSPowerTools.Core (>= 2.3 < 2.4)
    FSharp.Management (0.4.2)
    FSharpVSPowerTools.Core (2.3)
      FSharp.Compiler.Service (>= 2.0.0.3)
    FsUnit (1.3.0.1)
      NUnit (>= 2.6.3)
    IKVM (8.1.5717)
    Mono.Cecil (0.9.6.4)
    NuGet.CommandLine (2.8.6)
    NUnit (2.6.3)
    NUnit.Runners (2.6.3)
HTTP
  remote: http://www.frijters.net
    ikvmbin-8.1.5717.0.zip (/ikvmbin-8.1.5717.0.zip)
  remote: http://nlp.stanford.edu
    stanford-corenlp-full-2016-10-31.zip (/software/stanford-corenlp-full-2016-10-31.zip)
    stanford-ner-2015-12-09.zip (/software/stanford-ner-2015-12-09.zip)
    stanford-parser-full-2016-10-31.zip (/software/stanford-parser-full-2016-10-31.zip)
    stanford-postagger-full-2015-12-09.zip (/software/stanford-postagger-full-2015-12-09.zip)
    stanford-segmenter-2015-12-09.zip (/software/stanford-segmenter-2015-12-09.zip)