FRAMEWORK: NET45
NUGET
  remote: https://www.nuget.org/api/v2
    FAKE (4.57.4)
    FSharp.Management (0.4.3)
    Mono.Cecil (0.9.6.4)
    NuGet.CommandLine (3.5)

GROUP Docs
FRAMEWORK: NET45
NUGET
  remote: https://www.nuget.org/api/v2
    DotLiquid (2.0.64)
    FSharp.Compiler.Service (2.0.0.6)
    FSharp.Core (4.1.12)
      System.ValueTuple (>= 4.3)
    FSharp.Formatting (2.14.2)
      FSharp.Compiler.Service (2.0.0.6)
      FSharpVSPowerTools.Core (>= 2.3 < 2.4)
    FSharpVSPowerTools.Core (2.3)
      FSharp.Compiler.Service (>= 2.0.0.3)
    Suave (2.1)
      FSharp.Core (>= 4.0.0.1)
    System.ValueTuple (4.3)

GROUP Test
FRAMEWORK: NET45
NUGET
  remote: https://www.nuget.org/api/v2
    Argu (3.7)
    Expecto (4.1.1)
      Argu (>= 3.7)
      FSharp.Core (>= 3.1.2.5)
      Mono.Cecil (>= 0.9.6.4)
    FSharp.Core (4.1.2) - redirects: force
      System.ValueTuple (>= 4.3)
    IKVM (8.1.5717)
    Mono.Cecil (0.9.6.4)
    System.ValueTuple (4.3) - redirects: force
